GEM
  remote: https://rubygems.org/
  specs:
    httparty (0.13.7)
      json (~> 1.8)
      multi_xml (>= 0.5.2)
    json (1.8.6)
    mini_portile2 (2.3.0)
    multi_xml (0.6.0)
    nokogiri (1.8.1)
      mini_portile2 (~> 2.3.0)
    sentimentalizer (0.3.0)
    table_print (1.5.6)

PLATFORMS
  ruby

DEPENDENCIES
  httparty (~> 0.13.7)
  nokogiri (~> 1.6, >= 1.6.8)
  sentimentalizer (~> 0.3.0)
  table_print (~> 1.5, >= 1.5.6)

BUNDLED WITH
   1.16.0
